GEM
  remote: https://rubygems.org/
  specs:
    bind-it (0.2.7)
      rjb (~> 1.4.3)
    birch (0.0.8)
    fast-stemmer (1.0.2)
    json (1.8.2)
    mime-types (1.25.1)
    msgpack (0.5.11)
    progressbar (0.21.0)
    rjb (1.4.9)
    rubyzip (0.9.9)
    schiphol (1.0.1)
      progressbar (>= 0.10.0)
      rubyzip (~> 0.9.9)
    sequel (4.20.0)
    sqlite3 (1.3.10)
    stanford-core-nlp (0.5.1)
      bind-it (~> 0.2.5)
    stuff-classifier (0.5)
      fast-stemmer (>= 1.0)
      msgpack
      sequel
      sqlite3
    treat (2.1.0)
      birch
      schiphol
      yomu
    yomu (0.2.2)
      json (~> 1.8)
      mime-types (~> 1.23)

PLATFORMS
  ruby

DEPENDENCIES
  stanford-core-nlp
  stuff-classifier
  treat
